GIT
  remote: git://github.com/cavalle/steak.git
  revision: 6140580c5da9cf945777db025942a09e97b52b5c
  specs:
    steak (1.0.0.rc.4)
      rspec

GIT
  remote: git://github.com/ferblape/postgis_adapter.git
  revision: e85ca1be881e2df4396da5c4482337ab05f6a85d
  specs:
    ppe-postgis-adapter (0.7.8)

GEM
  remote: http://rubygems.org/
  specs:
    actionmailer (0.6.1)
      actionpack (>= 0.9.5)
    actionpack (1.4.0)
    activerecord (1.6.0)
    activesupport (3.0.3)
    builder (3.0.0)
    capistrano (2.5.19)
      highline
      net-scp (>= 1.0.0)
      net-sftp (>= 2.0.0)
      net-ssh (>= 2.0.14)
      net-ssh-gateway (>= 1.0.0)
    capistrano-ext (1.2.1)
      capistrano (>= 1.0.0)
    capybara (0.4.0)
      celerity (>= 0.7.9)
      culerity (>= 0.2.4)
      mime-types (>= 1.16)
      nokogiri (>= 1.3.3)
      rack (>= 1.0.0)
      rack-test (>= 0.5.4)
      selenium-webdriver (>= 0.0.27)
      xpath (~> 0.1.2)
    celerity (0.8.4)
    childprocess (0.1.4)
      ffi (~> 0.6.3)
    columnize (0.3.2)
    configuration (1.2.0)
    culerity (0.2.12)
    database_cleaner (0.6.0)
    diff-lcs (1.1.2)
    fastercsv (1.5.3)
    ffi (0.6.3)
      rake (>= 0.8.7)
    highline (1.6.1)
    hoptoad_notifier (2.3.12)
      activesupport
      builder
    json_pure (1.4.6)
    launchy (0.3.7)
      configuration (>= 0.0.5)
      rake (>= 0.8.1)
    linecache (0.43)
    mime-types (1.16)
    net-scp (1.0.4)
      net-ssh (>= 1.99.1)
    net-sftp (2.0.5)
      net-ssh (>= 2.0.9)
    net-ssh (2.0.23)
    net-ssh-gateway (1.0.1)
      net-ssh (>= 1.99.1)
    nofxx-georuby (1.7.3)
    nokogiri (1.4.4)
    paperclip (2.3.5)
      activerecord
      activesupport
    pdfkit (0.4.6)
    pg (0.9.0)
    rack (1.2.1)
    rack-noie (1.0)
    rack-test (0.5.6)
      rack (>= 1.0)
    rails (0.9.5)
      actionmailer (>= 0.6.1)
      actionpack (>= 1.4.0)
      activerecord (>= 1.6.0)
      rake (>= 0.4.15)
    rake (0.8.7)
    rmagick (2.13.1)
    rspec (2.1.0)
      rspec-core (~> 2.1.0)
      rspec-expectations (~> 2.1.0)
      rspec-mocks (~> 2.1.0)
    rspec-core (2.1.0)
    rspec-expectations (2.1.0)
      diff-lcs (~> 1.1.2)
    rspec-mocks (2.1.0)
    rspec-rails (2.1.0)
      rspec (~> 2.1.0)
    ruby-debug (0.10.4)
      columnize (>= 0.1)
      ruby-debug-base (~> 0.10.4.0)
    ruby-debug-base (0.10.4)
      linecache (>= 0.3)
    rubyzip (0.9.4)
    selenium-webdriver (0.1.0)
      childprocess (= 0.1.4)
      ffi (~> 0.6.3)
      json_pure
      rubyzip
    webrat (0.7.2)
      nokogiri (>= 1.2.0)
      rack (>= 1.0)
      rack-test (>= 0.5.3)
    will_paginate (3.0.pre2)
    xpath (0.1.2)
      nokogiri (~> 1.3)

PLATFORMS
  ruby

DEPENDENCIES
  capistrano
  capistrano-ext
  capybara (~> 0.4.0)
  database_cleaner
  fastercsv
  hoptoad_notifier
  launchy
  nofxx-georuby
  nokogiri
  paperclip
  pdfkit
  pg (= 0.9.0)
  ppe-postgis-adapter!
  rack-noie
  rails
  rmagick
  rspec (>= 2.0.0.beta.13)
  rspec-rails (>= 2.0.0.beta.8)
  ruby-debug
  steak!
  webrat
  will_paginate (~> 3.0.pre2)
